GEM
  remote: http://rubygems.org/
  specs:
    aws-s3 (0.6.2)
      builder
      mime-types
      xml-simple
    buckshot (0.2.0)
      shotgun
      thin
    builder (3.0.0)
    daemons (1.1.4)
    eventmachine (0.12.10)
    haml (3.1.2)
    mime-types (1.17.2)
    rack (1.3.2)
    rake (0.9.2.2)
    shotgun (0.9)
      rack (>= 1.0)
    sinatra (1.2.6)
      rack (~> 1.1)
      tilt (>= 1.2.2, < 2.0)
    thin (1.2.11)
      daemons (>= 1.0.9)
      eventmachine (>= 0.12.6)
      rack (>= 1.0.0)
    tilt (1.3.2)
    xml-simple (1.1.1)

PLATFORMS
  ruby

DEPENDENCIES
  aws-s3
  buckshot
  haml
  rake
  sinatra
