GEM
  remote: http://rubygems.org/
  specs:
    aws-s3 (0.6.2)
      builder
      mime-types
      xml-simple
    builder (3.0.0)
    chunky_png (1.2.5)
    compass (0.11.7)
      chunky_png (~> 1.2)
      fssm (>= 0.2.7)
      sass (~> 3.1)
    daemons (1.1.4)
    eventmachine (0.12.10)
    fssm (0.2.8.1)
    haml (3.1.2)
    heroku-nav (0.1.24)
      json
      rest-client (>= 1.0)
    json (1.6.5)
    mime-types (1.17.2)
    rack (1.3.2)
    rake (0.9.2.2)
    rdiscount (1.6.5)
    rest-client (1.6.7)
      mime-types (>= 1.16)
    sass (3.1.12)
    shotgun (0.9)
      rack (>= 1.0)
    sinatra (1.2.6)
      rack (~> 1.1)
      tilt (>= 1.2.2, < 2.0)
    thin (1.2.11)
      daemons (>= 1.0.9)
      eventmachine (>= 0.12.6)
      rack (>= 1.0.0)
    thin (1.2.11-x86-mingw32)
      daemons (>= 1.0.9)
      eventmachine (>= 0.12.6)
      rack (>= 1.0.0)
    tilt (1.3.2)
    xml-simple (1.1.1)

PLATFORMS
  ruby
  x86-mingw32

DEPENDENCIES
  aws-s3
  compass
  haml
  heroku-nav
  rake
  rdiscount
  sass
  shotgun
  sinatra
  thin
