GEM
  remote: http://rubygems.org/
  specs:
    buckshot (0.2.0)
      shotgun
      thin
    daemons (1.1.4)
    eventmachine (0.12.10)
    haml (3.1.2)
    rack (1.3.2)
    shotgun (0.9)
      rack (>= 1.0)
    sinatra (1.2.6)
      rack (~> 1.1)
      tilt (< 2.0, >= 1.2.2)
    thin (1.2.11)
      daemons (>= 1.0.9)
      eventmachine (>= 0.12.6)
      rack (>= 1.0.0)
    tilt (1.3.2)

PLATFORMS
  ruby

DEPENDENCIES
  buckshot
  haml
  sinatra
